GEM
  remote: https://rubygems.org/
  specs:
    codeclimate-test-reporter (1.0.9)
      simplecov (<= 0.13)
    diff-lcs (1.3)
    docile (1.1.5)
    json (2.2.0)
    rspec (3.9.0)
      rspec-core (~> 3.9.0)
      rspec-expectations (~> 3.9.0)
      rspec-mocks (~> 3.9.0)
    rspec-core (3.9.0)
      rspec-support (~> 3.9.0)
    rspec-expectations (3.9.0)
      diff-lcs (>= 1.2.0, < 2.0)
      rspec-support (~> 3.9.0)
    rspec-mocks (3.9.0)
      diff-lcs (>= 1.2.0, < 2.0)
      rspec-support (~> 3.9.0)
    rspec-support (3.9.0)
    simplecov (0.13.0)
      docile (~> 1.1.0)
      json (>= 1.8, < 3)
      simplecov-html (~> 0.10.0)
    simplecov-html (0.10.2)

PLATFORMS
  ruby

DEPENDENCIES
  codeclimate-test-reporter (~> 1.0, >= 1.0.9)
  rspec (~> 3.9)

RUBY VERSION
   ruby 2.6.0p0

BUNDLED WITH
   1.17.2
